PATH
  remote: .
  specs:
    experiment (0.6.0)
      colorize (~> 0.7)
      commander (~> 4.2)
      ruby-progressbar (~> 1.5)
      rugged (~> 0.19)

GEM
  remote: https://rubygems.org/
  specs:
    colorize (0.7.7)
    commander (4.3.3)
      highline (~> 1.7.2)
    highline (1.7.2)
    power_assert (0.2.3)
    rake (10.4.2)
    ruby-progressbar (1.7.5)
    rugged (0.21.4)
    test-unit (3.0.9)
      power_assert

PLATFORMS
  ruby

DEPENDENCIES
  experiment!
  rake
  test-unit
