PATH
  remote: .
  specs:
    experiment (0.9.0)
      colorize (~> 0.7)
      commander (~> 4.2)
      ruby-progressbar (~> 1.5)
      rugged (~> 0.19)

GEM
  remote: https://rubygems.org/
  specs:
    colorize (0.7.7)
    commander (4.4.0)
      highline (~> 1.7.2)
    highline (1.7.8)
    power_assert (0.3.0)
    rake (11.1.2)
    ruby-progressbar (1.8.0)
    rugged (0.24.0)
    test-unit (3.1.8)
      power_assert

PLATFORMS
  ruby

DEPENDENCIES
  experiment!
  rake
  test-unit

BUNDLED WITH
   1.12.2
